GEM
  remote: https://rubygems.org/
  specs:
    actionmailer (3.2.9)
      actionpack (= 3.2.9)
      mail (~> 2.4.4)
    actionpack (3.2.9)
      activemodel (= 3.2.9)
      activesupport (= 3.2.9)
      builder (~> 3.0.0)
      erubis (~> 2.7.0)
      journey (~> 1.0.4)
      rack (~> 1.4.0)
      rack-cache (~> 1.2)
      rack-test (~> 0.6.1)
      sprockets (~> 2.2.1)
    activemodel (3.2.9)
      activesupport (= 3.2.9)
      builder (~> 3.0.0)
    activerecord (3.2.9)
      activemodel (= 3.2.9)
      activesupport (= 3.2.9)
      arel (~> 3.0.2)
      tzinfo (~> 0.3.29)
    activeresource (3.2.9)
      activemodel (= 3.2.9)
      activesupport (= 3.2.9)
    activesupport (3.2.9)
      i18n (~> 0.6)
      multi_json (~> 1.0)
    arel (3.0.2)
    attr_encrypted (1.2.1)
      encryptor (>= 1.1.1)
    bcrypt-ruby (3.0.1)
    builder (3.0.4)
    cancan (1.6.8)
    capistrano (2.13.5)
      highline
      net-scp (>= 1.0.0)
      net-sftp (>= 2.0.0)
      net-ssh (>= 2.0.14)
      net-ssh-gateway (>= 1.1.0)
    choice (0.1.6)
    chronic (0.6.6)
    coffee-rails (3.2.2)
      coffee-script (>= 2.2.0)
      railties (~> 3.2.0)
    coffee-script (2.2.0)
      coffee-script-source
      execjs
    coffee-script-source (1.4.0)
    commonjs (0.2.6)
    devise (2.1.2)
      bcrypt-ruby (~> 3.0)
      orm_adapter (~> 0.1)
      railties (~> 3.1)
      warden (~> 1.2.1)
    encryptor (1.1.3)
    erubis (2.7.0)
    ethon (0.5.7)
      ffi (~> 1.2.0)
      mime-types (~> 1.18)
    eventmachine (1.0.0)
    exception_notification (3.0.0)
      actionmailer (>= 3.0.4)
      tinder (~> 1.8)
    execjs (1.4.0)
      multi_json (~> 1.0)
    faraday (0.8.4)
      multipart-post (~> 1.1)
    faraday_middleware (0.9.0)
      faraday (>= 0.7.4, < 0.9)
    ffi (1.2.0)
    google-spreadsheet-ruby (0.3.0)
      google_drive (>= 0.3.0)
    google_drive (0.3.2)
      nokogiri (>= 1.4.4, != 1.5.2, != 1.5.1)
      oauth (>= 0.3.6)
      oauth2 (>= 0.5.0)
    hashie (1.2.0)
    highline (1.6.15)
    hike (1.2.1)
    http_parser.rb (0.5.3)
    httpauth (0.2.0)
    i18n (0.6.1)
    jbuilder (0.9.1)
      activesupport (>= 3.0.0)
    journey (1.0.4)
    jquery-rails (2.1.4)
      railties (>= 3.0, < 5.0)
      thor (>= 0.14, < 2.0)
    jquery-ui-rails (2.0.2)
      jquery-rails
      railties (>= 3.1.0)
    json (1.7.6)
    jwt (0.1.5)
      multi_json (>= 1.0)
    kgio (2.7.4)
    less (2.2.2)
      commonjs (~> 0.2.6)
    less-rails (2.2.4)
      actionpack (>= 3.1)
      less (~> 2.2.0)
    libv8 (3.11.8.13)
    log4r (1.1.10)
    mail (2.4.4)
      i18n (>= 0.4.0)
      mime-types (~> 1.16)
      treetop (~> 1.4.8)
    mime-types (1.19)
    multi_json (1.5.0)
    multipart-post (1.1.5)
    net-scp (1.0.4)
      net-ssh (>= 1.99.1)
    net-sftp (2.0.5)
      net-ssh (>= 2.0.9)
    net-ssh (2.6.1)
    net-ssh-gateway (1.1.0)
      net-ssh (>= 1.99.1)
    nokogiri (1.5.6)
    oauth (0.4.7)
    oauth2 (0.8.0)
      faraday (~> 0.8)
      httpauth (~> 0.1)
      jwt (~> 0.1.4)
      multi_json (~> 1.0)
      rack (~> 1.2)
    orm_adapter (0.4.0)
    pg (0.14.1)
    polyglot (0.3.3)
    quiet_assets (1.0.1)
      railties (~> 3.1)
    rack (1.4.1)
    rack-cache (1.2)
      rack (>= 0.4)
    rack-ssl (1.3.2)
      rack
    rack-test (0.6.2)
      rack (>= 1.0)
    rails (3.2.9)
      actionmailer (= 3.2.9)
      actionpack (= 3.2.9)
      activerecord (= 3.2.9)
      activeresource (= 3.2.9)
      activesupport (= 3.2.9)
      bundler (~> 1.0)
      railties (= 3.2.9)
    railties (3.2.9)
      actionpack (= 3.2.9)
      activesupport (= 3.2.9)
      rack-ssl (~> 1.3.2)
      rake (>= 0.8.7)
      rdoc (~> 3.4)
      thor (>= 0.14.6, < 2.0)
    raindrops (0.10.0)
    rake (10.0.3)
    rdoc (3.12)
      json (~> 1.4)
    ref (1.0.2)
    roo (1.10.1)
      choice (>= 0.1.4)
      google-spreadsheet-ruby (>= 0.1.5)
      nokogiri (>= 1.5.0)
      rubyzip (>= 0.9.4)
      spreadsheet (> 0.6.4)
      todonotes (>= 0.1.0)
    ruby-ole (1.2.11.6)
    rubyzip (0.9.9)
    sass (3.2.4)
    sass-rails (3.2.5)
      railties (~> 3.2.0)
      sass (>= 3.1.10)
      tilt (~> 1.3)
    simple_form (2.1.0)
      actionpack (~> 3.0)
      activemodel (~> 3.0)
    simple_oauth (0.1.9)
    spreadsheet (0.7.5)
      ruby-ole (>= 1.0)
    sprockets (2.2.2)
      hike (~> 1.2)
      multi_json (~> 1.0)
      rack (~> 1.0)
      tilt (~> 1.1, != 1.3.0)
    state_machine (1.1.2)
    therubyracer (0.11.4)
      libv8 (~> 3.11.8.12)
      ref
    thor (0.16.0)
    tilt (1.3.3)
    tinder (1.9.1)
      eventmachine (>= 0.12.0, < 2)
      faraday (~> 0.8)
      faraday_middleware (~> 0.8)
      hashie (~> 1.0)
      json (~> 1.6)
      mime-types (~> 1.16)
      multi_json (~> 1.0)
      multipart-post (~> 1.1)
      twitter-stream (~> 0.1)
    todonotes (0.1.1)
      log4r
    treetop (1.4.12)
      polyglot
      polyglot (>= 0.3.1)
    twitter-bootstrap-rails (2.2.6)
      actionpack (>= 3.1)
      execjs
      railties (>= 3.1)
    twitter-stream (0.1.16)
      eventmachine (>= 0.12.8)
      http_parser.rb (~> 0.5.1)
      simple_oauth (~> 0.1.4)
    typhoeus (0.5.3)
      ethon (~> 0.5.3)
    tzinfo (0.3.35)
    uglifier (1.3.0)
      execjs (>= 0.3.0)
      multi_json (~> 1.0, >= 1.0.2)
    unicorn (4.4.0)
      kgio (~> 2.6)
      rack
      raindrops (~> 0.7)
    warden (1.2.1)
      rack (>= 1.0)
    whenever (0.7.2)
      activesupport (>= 2.3.4)
      chronic (~> 0.6.3)
    will_paginate (3.0.3)
    yajl-ruby (1.1.0)

PLATFORMS
  ruby

DEPENDENCIES
  attr_encrypted
  cancan
  capistrano
  coffee-rails (~> 3.2.1)
  devise
  exception_notification
  jbuilder
  jquery-rails
  jquery-ui-rails
  less-rails
  pg
  quiet_assets
  rails (= 3.2.9)
  roo
  sass-rails (~> 3.2.3)
  simple_form
  state_machine
  therubyracer
  twitter-bootstrap-rails
  typhoeus (~> 0.5.3)
  uglifier (>= 1.0.3)
  unicorn
  whenever
  will_paginate (~> 3.0)
  yajl-ruby
